GEM
  remote: https://rubygems.org/
  specs:
    activemodel (7.0.5)
      activesupport (= 7.0.5)
    activerecord (7.0.5)
      activemodel (= 7.0.5)
      activesupport (= 7.0.5)
    activesupport (7.0.5)
      concurrent-ruby (~> 1.0, >= 1.0.2)
      i18n (>= 1.6, < 2)
      minitest (>= 5.1)
      tzinfo (~> 2.0)
    concurrent-ruby (1.2.2)
    faker (3.2.0)
      i18n (>= 1.8.11, < 2)
    i18n (1.14.1)
      concurrent-ruby (~> 1.0)
    minitest (5.18.0)
    nokogiri (1.15.2-arm64-darwin)
      racc (~> 1.4)
    racc (1.6.2)
    rack (3.0.7)
    rake (13.0.6)
    sinatra (1.0)
      rack (>= 1.0)
    sinatra-activerecord (2.0.26)
      activerecord (>= 4.1)
      sinatra (>= 1.0)
    sqlite3 (1.6.3-arm64-darwin)
    tzinfo (2.0.6)
      concurrent-ruby (~> 1.0)

PLATFORMS
  arm64-darwin-22

DEPENDENCIES
  activerecord
  faker
  nokogiri
  racc
  rack
  rake
  sinatra-activerecord
  sqlite3

BUNDLED WITH
   2.4.11
